GIT
  remote: https://github.com/pboling/simplecov-rcov
  revision: 7a54f35d04e2bdb1052be698f00d6c7cc35ea529
  branch: patch-1
  specs:
    simplecov-rcov (0.3.1)
      simplecov (>= 0.4.1)

PATH
  remote: .
  specs:
    gitmoji-regex (1.0.2)
      version_gem (~> 1.1)

GEM
  remote: https://rubygems.org/
  specs:
    addressable (2.8.4)
      public_suffix (>= 2.0.2, < 6.0)
    ast (2.4.2)
    benchmark-malloc (0.2.0)
    benchmark-perf (0.6.0)
    benchmark-trend (0.4.0)
    byebug (11.1.3)
    coderay (1.1.3)
    diff-lcs (1.5.0)
    diffy (3.4.2)
    docile (1.4.0)
    domain_name (0.5.20190701)
      unf (>= 0.0.5, < 1.0.0)
    ffi (1.15.5)
    ffi (1.15.5-java)
    ffi-compiler (1.0.1)
      ffi (>= 1.0.0)
      rake
    http (5.1.1)
      addressable (~> 2.8)
      http-cookie (~> 1.0)
      http-form_data (~> 2.2)
      llhttp-ffi (~> 0.4.0)
    http-cookie (1.0.5)
      domain_name (~> 0.5)
    http-form_data (2.3.0)
    json (2.6.3)
    json (2.6.3-java)
    language_server-protocol (3.17.0.3)
    lint_roller (1.0.0)
    llhttp-ffi (0.4.0)
      ffi-compiler (~> 1.0)
      rake (~> 13.0)
    method_source (1.0.0)
    parallel (1.23.0)
    parser (3.2.2.1)
      ast (~> 2.4.1)
    pry (0.14.2-java)
      coderay (~> 1.1)
      method_source (~> 1.0)
      spoon (~> 0.0)
    pry-debugger-jruby (2.1.1-java)
      pry (>= 0.13, < 0.15)
      ruby-debug-base (>= 0.10.4, < 0.12)
    public_suffix (5.0.1)
    rainbow (3.1.1)
    rake (13.0.6)
    regexp_parser (2.8.0)
    rexml (3.2.5)
    rspec (3.12.0)
      rspec-core (~> 3.12.0)
      rspec-expectations (~> 3.12.0)
      rspec-mocks (~> 3.12.0)
    rspec-benchmark (0.6.0)
      benchmark-malloc (~> 0.2)
      benchmark-perf (~> 0.6)
      benchmark-trend (~> 0.4)
      rspec (>= 3.0)
    rspec-block_is_expected (1.0.5)
    rspec-core (3.12.2)
      rspec-support (~> 3.12.0)
    rspec-expectations (3.12.3)
      diff-lcs (>= 1.2.0, < 2.0)
      rspec-support (~> 3.12.0)
    rspec-mocks (3.12.5)
      diff-lcs (>= 1.2.0, < 2.0)
      rspec-support (~> 3.12.0)
    rspec-support (3.12.0)
    rubocop (1.50.2)
      json (~> 2.3)
      parallel (~> 1.10)
      parser (>= 3.2.0.0)
      rainbow (>= 2.2.2, < 4.0)
      regexp_parser (>= 1.8, < 3.0)
      rexml (>= 3.2.5, < 4.0)
      rubocop-ast (>= 1.28.0, < 2.0)
      ruby-progressbar (~> 1.7)
      unicode-display_width (>= 2.4.0, < 3.0)
    rubocop-ast (1.28.1)
      parser (>= 3.2.1.0)
    rubocop-capybara (2.18.0)
      rubocop (~> 1.41)
    rubocop-factory_bot (2.23.1)
      rubocop (~> 1.33)
    rubocop-gradual (0.3.1)
      diff-lcs (>= 1.2.0, < 2.0)
      diffy (~> 3.0)
      parallel (~> 1.10)
      rainbow (>= 2.2.2, < 4.0)
      rubocop (~> 1.0)
    rubocop-lts (12.1.1)
      rubocop-ruby2_4 (>= 2.0.3, < 3)
      standard-rubocop-lts (>= 1.0.3, < 3)
      version_gem (>= 1.1.2, < 3)
    rubocop-md (1.2.0)
      rubocop (>= 1.0)
    rubocop-packaging (0.5.2)
      rubocop (>= 1.33, < 2.0)
    rubocop-performance (1.16.0)
      rubocop (>= 1.7.0, < 2.0)
      rubocop-ast (>= 0.4.0)
    rubocop-rake (0.6.0)
      rubocop (~> 1.0)
    rubocop-rspec (2.22.0)
      rubocop (~> 1.33)
      rubocop-capybara (~> 2.17)
      rubocop-factory_bot (~> 2.22)
    rubocop-ruby2_4 (2.0.3)
      rubocop-gradual (~> 0.3)
      rubocop-md (~> 1.2)
      rubocop-rake (~> 0.6)
      rubocop-shopify (~> 2.13)
      rubocop-thread_safety (~> 0.5)
      standard-rubocop-lts (>= 1.0.1, < 2)
      version_gem (>= 1.1.2, < 3)
    rubocop-shopify (2.13.0)
      rubocop (~> 1.50)
    rubocop-thread_safety (0.5.1)
      rubocop (>= 0.90.0)
    ruby-debug-base (0.11.0-java)
    ruby-progressbar (1.13.0)
    simplecov (0.22.0)
      docile (~> 1.1)
      simplecov-html (~> 0.11)
      simplecov_json_formatter (~> 0.1)
    simplecov-cobertura (2.1.0)
      rexml
      simplecov (~> 0.19)
    simplecov-html (0.12.3)
    simplecov-json (0.2.3)
      json
      simplecov
    simplecov-lcov (0.8.0)
    simplecov_json_formatter (0.1.4)
    spoon (0.0.6)
      ffi
    standard (1.28.4)
      language_server-protocol (~> 3.17.0.2)
      lint_roller (~> 1.0)
      rubocop (~> 1.50.2)
      standard-custom (~> 1.0.0)
      standard-performance (~> 1.0.1)
    standard-custom (1.0.0)
      lint_roller (~> 1.0)
    standard-performance (1.0.1)
      lint_roller (~> 1.0)
      rubocop-performance (~> 1.16.0)
    standard-rubocop-lts (1.0.3)
      standard (>= 1.28.4, < 2)
      standard-custom (~> 1.0, < 2)
      standard-performance (~> 1.0, < 2)
      version_gem (>= 1.1.2, < 3)
    unf (0.1.4)
      unf_ext
    unf (0.1.4-java)
    unf_ext (0.0.8.2)
    unicode-display_width (2.4.2)
    version_gem (1.1.2)
    yard (0.9.34)

PLATFORMS
  arm64-darwin-22
  universal-java-11
  x86_64-linux

DEPENDENCIES
  byebug
  gitmoji-regex!
  http (>= 4.4.1, < 6)
  json (~> 2.0, >= 2.0.2)
  pry-debugger-jruby
  rake (~> 13.0)
  rspec (~> 3.8)
  rspec-benchmark (~> 0.6)
  rspec-block_is_expected (~> 1.0)
  rubocop-lts (~> 12.1)
  rubocop-packaging (~> 0.5)
  rubocop-rspec (~> 2.22)
  simplecov (~> 0.22)
  simplecov-cobertura
  simplecov-json (~> 0.2)
  simplecov-lcov (~> 0.8)
  simplecov-rcov!
  yard (~> 0.9, >= 0.9.34)

BUNDLED WITH
   2.4.13
